GEM
  remote: https://rubygems.org/
  specs:
    builder (3.2.2)
    fcgi (0.9.2.1)
    haml (5.0.0)
      temple (>= 0.8.0)
      tilt
    markaby (0.8.0)
      builder
    rack (1.6.11)
    rack-protection (1.5.5)
      rack
    sinatra (1.4.7)
      rack (~> 1.5)
      rack-protection (~> 1.4)
      tilt (>= 1.3, < 3)
    temple (0.8.2)
    tilt (2.0.10)

PLATFORMS
  ruby

DEPENDENCIES
  fcgi
  haml
  markaby
  sinatra

BUNDLED WITH
   1.12.5
