GEM
  remote: https://rubygems.org/
  specs:
    base64 (0.2.0)
    builder (3.2.4)
    haml (6.3.0)
      temple (>= 0.8.2)
      thor
      tilt
    markaby (0.9.3)
      builder
    mustermann (3.0.0)
      ruby2_keywords (~> 0.0.1)
    rack (3.0.10)
    rack-protection (4.0.0)
      base64 (>= 0.1.0)
      rack (>= 3.0.0, < 4)
    rack-session (2.0.0)
      rack (>= 3.0.0)
    ruby2_keywords (0.0.5)
    sinatra (4.0.0)
      mustermann (~> 3.0)
      rack (>= 3.0.0, < 4)
      rack-protection (= 4.0.0)
      rack-session (>= 2.0.0, < 3)
      tilt (~> 2.0)
    temple (0.10.3)
    thor (1.3.1)
    tilt (2.3.0)

PLATFORMS
  ruby
  x86_64-linux

DEPENDENCIES
  haml
  markaby
  sinatra

BUNDLED WITH
   2.5.7
