GEM
  remote: https://rubygems.org/
  specs:
    builder (3.2.2)
    fcgi (0.9.2.1)
    haml (4.0.7)
      tilt
    markaby (0.8.0)
      builder
    rack (1.6.4)
    rack-protection (1.5.3)
      rack
    sinatra (1.4.7)
      rack (~> 1.5)
      rack-protection (~> 1.4)
      tilt (>= 1.3, < 3)
    tilt (2.0.5)

PLATFORMS
  ruby

DEPENDENCIES
  fcgi
  haml
  markaby
  sinatra

BUNDLED WITH
   1.12.5
